GEM
  remote: http://rubygems.org/
  specs:
    actionmailer (3.2.17)
      actionpack (= 3.2.17)
      mail (~> 2.5.4)
    actionpack (3.2.17)
      activemodel (= 3.2.17)
      activesupport (= 3.2.17)
      builder (~> 3.0.0)
      erubis (~> 2.7.0)
      journey (~> 1.0.4)
      rack (~> 1.4.5)
      rack-cache (~> 1.2)
      rack-test (~> 0.6.1)
      sprockets (~> 2.2.1)
    activemodel (3.2.17)
      activesupport (= 3.2.17)
      builder (~> 3.0.0)
    activerecord (3.2.17)
      activemodel (= 3.2.17)
      activesupport (= 3.2.17)
      arel (~> 3.0.2)
      tzinfo (~> 0.3.29)
    activeresource (3.2.17)
      activemodel (= 3.2.17)
      activesupport (= 3.2.17)
    activesupport (3.2.17)
      i18n (~> 0.6, >= 0.6.4)
      multi_json (~> 1.0)
    arel (3.0.3)
    authlogic (2.1.6)
      activesupport
    builder (3.0.4)
    columnize (0.3.2)
    comma (0.4.1)
      activesupport (>= 2.2.2)
    concurrent-ruby (1.1.10)
    erubis (2.7.0)
    eventmachine (0.12.10)
    factory_girl (1.2.4)
    hike (1.2.3)
    hoe (2.6.2)
      rake (>= 0.8.7)
      rubyforge (>= 2.0.4)
    hpricot (0.8.4)
    i18n (0.9.5)
      concurrent-ruby (~> 1.0)
    iconv (0.1)
    journey (1.0.4)
    json (1.8.6)
    json_pure (1.5.1)
    linecache (0.43)
    mail (2.5.5)
      mime-types (~> 1.16)
      treetop (~> 1.4.8)
    mime-types (1.25.1)
    multi_json (1.15.0)
    nokogiri (1.4.4)
    ofx-parser (1.0.2)
      hoe (>= 1.5.1)
      hpricot (>= 0.6)
    pg (0.11.0)
    polyglot (0.3.5)
    rack (1.4.7)
    rack-cache (1.13.0)
      rack (>= 0.4)
    rack-ssl (1.3.4)
      rack
    rack-test (0.6.3)
      rack (>= 1.0)
    rails (3.2.17)
      actionmailer (= 3.2.17)
      actionpack (= 3.2.17)
      activerecord (= 3.2.17)
      activeresource (= 3.2.17)
      activesupport (= 3.2.17)
      bundler (~> 1.0)
      railties (= 3.2.17)
    railties (3.2.17)
      actionpack (= 3.2.17)
      activesupport (= 3.2.17)
      rack-ssl (~> 1.3.2)
      rake (>= 0.8.7)
      rdoc (~> 3.4)
      thor (>= 0.14.6, < 2.0)
    rake (13.0.6)
    rdoc (3.12.2)
      json (~> 1.4)
    rspec (1.3.2)
    rspec-rails (1.3.4)
      rack (>= 1.0.0)
      rspec (~> 1.3.1)
    ruby-debug (0.10.4)
      columnize (>= 0.1)
      ruby-debug-base (~> 0.10.4.0)
    ruby-debug-base (0.10.4)
      linecache (>= 0.3)
    ruby-prof (0.10.6)
    rubyforge (2.0.4)
      json_pure (>= 1.1.7)
    sass (3.1.1)
    settingslogic (2.0.6)
    spork (0.8.4)
    sprockets (2.2.3)
      hike (~> 1.2)
      multi_json (~> 1.0)
      rack (~> 1.0)
      tilt (~> 1.1, != 1.3.0)
    sqlite3 (1.3.3)
    sqlite3-ruby (1.3.3)
      sqlite3 (>= 1.3.3)
    thor (1.2.1)
    tilt (1.4.1)
    treetop (1.4.15)
      polyglot
      polyglot (>= 0.3.1)
    tzinfo (0.3.60)
    wdd-ruby-ext (0.4.1)
      eventmachine (~> 0.12.10)
      nokogiri (~> 1.4.4)

PLATFORMS
  ruby

DEPENDENCIES
  authlogic
  comma
  factory_girl (= 1.2.4)
  hoe (= 2.6.2)
  iconv
  ofx-parser
  pg
  rails (= 3.2.17)
  rspec (~> 1.3)
  rspec-rails (~> 1.3)
  ruby-debug
  ruby-prof
  sass
  settingslogic
  spork (= 0.8.4)
  sqlite3-ruby
  wdd-ruby-ext (= 0.4.1)
