GEM
  remote: http://rubygems.org/
  specs:
    actionmailer (2.3.8)
      actionpack (= 2.3.8)
    actionpack (2.3.8)
      activesupport (= 2.3.8)
      rack (~> 1.1.0)
    activerecord (2.3.8)
      activesupport (= 2.3.8)
    activeresource (2.3.8)
      activesupport (= 2.3.8)
    activesupport (2.3.8)
    authlogic (2.1.6)
      activesupport
    columnize (0.3.2)
    comma (0.4.1)
      activesupport (>= 2.2.2)
    eventmachine (0.12.10)
    factory_girl (1.2.4)
    hoe (2.6.2)
      rake (>= 0.8.7)
      rubyforge (>= 2.0.4)
    hpricot (0.8.4)
    iconv (0.1)
    json_pure (1.5.1)
    linecache (0.43)
    nokogiri (1.4.4)
    ofx-parser (1.0.2)
      hoe (>= 1.5.1)
      hpricot (>= 0.6)
    pg (0.11.0)
    rack (1.1.6)
    rails (2.3.8)
      actionmailer (= 2.3.8)
      actionpack (= 2.3.8)
      activerecord (= 2.3.8)
      activeresource (= 2.3.8)
      activesupport (= 2.3.8)
      rake (>= 0.8.3)
    rake (0.8.7)
    rspec (1.3.2)
    rspec-rails (1.3.4)
      rack (>= 1.0.0)
      rspec (~> 1.3.1)
    ruby-debug (0.10.4)
      columnize (>= 0.1)
      ruby-debug-base (~> 0.10.4.0)
    ruby-debug-base (0.10.4)
      linecache (>= 0.3)
    ruby-prof (0.10.6)
    rubyforge (2.0.4)
      json_pure (>= 1.1.7)
    sass (3.1.1)
    settingslogic (2.0.6)
    spork (0.8.4)
    sqlite3 (1.3.3)
    sqlite3-ruby (1.3.3)
      sqlite3 (>= 1.3.3)
    wdd-ruby-ext (0.4.1)
      eventmachine (~> 0.12.10)
      nokogiri (~> 1.4.4)

PLATFORMS
  ruby

DEPENDENCIES
  authlogic
  comma
  factory_girl (= 1.2.4)
  hoe (= 2.6.2)
  iconv
  ofx-parser
  pg
  rails (= 2.3.8)
  rspec (~> 1.3)
  rspec-rails (~> 1.3)
  ruby-debug
  ruby-prof
  sass
  settingslogic
  spork (= 0.8.4)
  sqlite3-ruby
  wdd-ruby-ext (= 0.4.1)
